GEM
  remote: https://rubygems.org/
  specs:
    addressable (2.3.5)
    faraday (0.8.8)
      multipart-post (~> 1.2.0)
    haml (4.0.3)
      tilt
    multipart-post (1.2.0)
    octokit (2.3.1)
      sawyer (~> 0.5.1)
    rack (1.5.2)
    rack-protection (1.5.0)
      rack
    sawyer (0.5.1)
      addressable (~> 2.3.5)
      faraday (~> 0.8, < 0.10)
    sinatra (1.4.3)
      rack (~> 1.4)
      rack-protection (~> 1.4)
      tilt (~> 1.3, >= 1.3.4)
    tilt (1.4.1)

PLATFORMS
  ruby

DEPENDENCIES
  haml (~> 4.0.3)
  octokit (~> 2.3.1)
  sinatra
